GEM
  remote: http://rubygems.org/
  specs:
    rack (1.3.0)
    redis (2.2.1)
    redis-namespace (1.0.3)
      redis (< 3.0.0)
    sinatra (1.2.6)
      rack (~> 1.1)
      tilt (>= 1.2.2, < 2.0)
    split (0.2.2)
      redis (~> 2.1)
      redis-namespace (~> 1.0.3)
      sinatra (~> 1.2.6)
    tilt (1.3.2)

PLATFORMS
  ruby

DEPENDENCIES
  sinatra
  split (~> 0.2.2)
