GEM
  remote: http://rubygems.org/
  specs:
    rack (1.3.3)
    redis (2.2.2)
    redis-namespace (1.0.3)
      redis (< 3.0.0)
    sinatra (1.2.6)
      rack (~> 1.1)
      tilt (< 2.0, >= 1.2.2)
    split (0.2.4)
      redis (~> 2.1)
      redis-namespace (~> 1.0.3)
      sinatra (~> 1.2.6)
    tilt (1.3.3)

PLATFORMS
  ruby

DEPENDENCIES
  sinatra
  split
