GEM
  remote: http://rubygems.org/
  specs:
    rack (1.3.5)
    rack-protection (1.1.4)
      rack
    redis (2.2.2)
    redis-namespace (1.0.3)
      redis (< 3.0.0)
    sinatra (1.3.1)
      rack (~> 1.3, >= 1.3.4)
      rack-protection (~> 1.1, >= 1.1.2)
      tilt (~> 1.3, >= 1.3.3)
    split (0.3.1)
      redis (~> 2.1)
      redis-namespace (~> 1.0.3)
      sinatra (>= 1.2.6)
    tilt (1.3.3)

PLATFORMS
  ruby

DEPENDENCIES
  sinatra
  split
