GEM
  remote: http://rubygems.org/
  specs:
    mustermann (3.0.0)
      ruby2_keywords (~> 0.0.1)
    rack (2.2.4)
    rack-protection (3.0.2)
      rack
    redis (4.5.1)
    ruby2_keywords (0.0.5)
    rubystats (0.3.0)
    sinatra (3.0.2)
      mustermann (~> 3.0)
      rack (~> 2.2, >= 2.2.4)
      rack-protection (= 3.0.2)
      tilt (~> 2.0)
    split (4.0.1)
      redis (>= 4.2)
      rubystats (>= 0.3.0)
      sinatra (>= 1.2.6)
    tilt (2.0.11)

PLATFORMS
  ruby

DEPENDENCIES
  sinatra
  split

BUNDLED WITH
   1.16.1
