GEM
  remote: http://rubygems.org/
  specs:
    rack (1.6.5)
    rack-protection (1.5.3)
      rack
    redis (3.3.1)
    redis-namespace (1.5.2)
      redis (~> 3.0, >= 3.0.4)
    simple-random (1.0.3)
    sinatra (1.4.7)
      rack (~> 1.5)
      rack-protection (~> 1.4)
      tilt (>= 1.3, < 3)
    split (2.1.0)
      redis (>= 2.1)
      redis-namespace (>= 1.1.0)
      simple-random (>= 0.9.3)
      sinatra (>= 1.2.6)
    tilt (2.0.5)

PLATFORMS
  ruby

DEPENDENCIES
  sinatra
  split

BUNDLED WITH
   1.13.6
