GEM
  remote: http://rubygems.org/
  specs:
    mustermann (1.0.3)
    rack (2.0.8)
    rack-protection (2.0.7)
      rack
    redis (4.1.3)
    simple-random (1.0.3)
    sinatra (2.0.7)
      mustermann (~> 1.0)
      rack (~> 2.0)
      rack-protection (= 2.0.7)
      tilt (~> 2.0)
    split (3.4.1)
      redis (>= 2.1)
      simple-random (>= 0.9.3)
      sinatra (>= 1.2.6)
    tilt (2.0.10)

PLATFORMS
  ruby

DEPENDENCIES
  sinatra
  split

BUNDLED WITH
   1.16.1
