GIT
  remote: git@github.com:andrew/split.git
  revision: 65ba1f7ae5bd79abdc755ef5a16d7da01415cf99
  specs:
    split (0.1.1)
      redis (~> 2.1)
      redis-namespace (~> 0.10.0)
      sinatra (~> 1.2.6)

GEM
  remote: http://rubygems.org/
  specs:
    rack (1.3.0)
    redis (2.2.0)
    redis-namespace (0.10.0)
      redis (< 3.0.0)
    sinatra (1.2.6)
      rack (~> 1.1)
      tilt (>= 1.2.2, < 2.0)
    tilt (1.3.2)

PLATFORMS
  ruby

DEPENDENCIES
  sinatra
  split!
